PATH
  remote: .
  specs:
    next-test (0.1.0)

GEM
  remote: https://rubygems.org/
  specs:
    abstract_type (0.0.7)
    adamantium (0.2.0)
      ice_nine (~> 0.11.0)
      memoizable (~> 0.4.0)
    anyway_config (2.0.5)
      ruby-next-core (>= 0.8.0)
    ast (2.4.0)
    concord (0.1.5)
      adamantium (~> 0.2.0)
      equalizer (~> 0.0.9)
    diff-lcs (1.3)
    equalizer (0.0.11)
    ice_nine (0.11.2)
    memoizable (0.4.2)
      thread_safe (~> 0.3, >= 0.3.1)
    parser (2.7.1.3)
      ast (~> 2.4.0)
    procto (0.0.3)
    rake (12.3.3)
    ruby-next (0.8.0)
      ruby-next-core
      ruby-next-parser (>= 2.8.0.4)
      unparser (>= 0.4.7)
    ruby-next-core (0.9.0)
    ruby-next-parser (2.8.0.6)
      parser (>= 2.7.0.5)
    thread_safe (0.3.6)
    thread_safe (0.3.6-java)
    unparser (0.4.7)
      abstract_type (~> 0.0.7)
      adamantium (~> 0.2.0)
      concord (~> 0.1.5)
      diff-lcs (~> 1.3)
      equalizer (~> 0.0.9)
      parser (>= 2.6.5)
      procto (~> 0.0.2)

PLATFORMS
  java
  ruby

DEPENDENCIES
  anyway_config
  next-test!
  rake (~> 12.0)
  ruby-next

BUNDLED WITH
   2.1.4
